GEM
  remote: https://rubygems.org/
  specs:
    flickraw (0.9.10)

PLATFORMS
  ruby

DEPENDENCIES
  flickraw

BUNDLED WITH
   1.16.1
